GEM
  remote: https://rubygems.org/
  specs:
<<<<<<< HEAD
=======
<<<<<<< HEAD
>>>>>>> e7c0a9867ecf4d8dbb39fbffbbb79b2930d769d3
    actionmailer (3.2.3)
      actionpack (= 3.2.3)
      mail (~> 2.4.4)
    actionpack (3.2.3)
      activemodel (= 3.2.3)
      activesupport (= 3.2.3)
      builder (~> 3.0.0)
      erubis (~> 2.7.0)
      journey (~> 1.0.1)
      rack (~> 1.4.0)
      rack-cache (~> 1.2)
      rack-test (~> 0.6.1)
      sprockets (~> 2.1.2)
    activemodel (3.2.3)
      activesupport (= 3.2.3)
      builder (~> 3.0.0)
    activerecord (3.2.3)
      activemodel (= 3.2.3)
      activesupport (= 3.2.3)
      arel (~> 3.0.2)
      tzinfo (~> 0.3.29)
    activeresource (3.2.3)
      activemodel (= 3.2.3)
      activesupport (= 3.2.3)
    activesupport (3.2.3)
      i18n (~> 0.6)
      multi_json (~> 1.0)
    arel (3.0.3)
    bcrypt (3.1.10)
    bootstrap-datepicker-rails (1.4.0)
      railties (>= 3.0)
    bootstrap-timepicker-rails (0.1.3)
      railties (>= 3.0)
<<<<<<< HEAD
=======
=======
    actionmailer (3.2.21)
      actionpack (= 3.2.21)
      mail (~> 2.5.4)
    actionpack (3.2.21)
      activemodel (= 3.2.21)
      activesupport (= 3.2.21)
      builder (~> 3.0.0)
      erubis (~> 2.7.0)
      journey (~> 1.0.4)
      rack (~> 1.4.5)
      rack-cache (~> 1.2)
      rack-test (~> 0.6.1)
      sprockets (~> 2.2.1)
    activemodel (3.2.21)
      activesupport (= 3.2.21)
      builder (~> 3.0.0)
    activerecord (3.2.21)
      activemodel (= 3.2.21)
      activesupport (= 3.2.21)
      arel (~> 3.0.2)
      tzinfo (~> 0.3.29)
    activeresource (3.2.21)
      activemodel (= 3.2.21)
      activesupport (= 3.2.21)
    activesupport (3.2.21)
      i18n (~> 0.6, >= 0.6.4)
      multi_json (~> 1.0)
    ansi (1.5.0)
    arel (3.0.3)
    bcrypt (3.1.10)
    bcrypt-ruby (3.0.1)
    bootstrap-datetimepicker-rails (0.0.11)
>>>>>>> 5c38b89a3e635703a230a79470f46d5a9217ccf2
>>>>>>> e7c0a9867ecf4d8dbb39fbffbbb79b2930d769d3
    builder (3.0.4)
    carrierwave (0.10.0)
      activemodel (>= 3.2.0)
      activesupport (>= 3.2.0)
      json (>= 1.7)
      mime-types (>= 1.16)
<<<<<<< HEAD
    climate_control (0.0.3)
      activesupport (>= 3.0)
    cocaine (0.5.7)
=======
<<<<<<< HEAD
    climate_control (0.0.3)
      activesupport (>= 3.0)
    cocaine (0.5.7)
=======
    client_side_validations (3.2.6)
    climate_control (0.0.3)
      activesupport (>= 3.0)
    cocaine (0.5.5)
>>>>>>> 5c38b89a3e635703a230a79470f46d5a9217ccf2
>>>>>>> e7c0a9867ecf4d8dbb39fbffbbb79b2930d769d3
      climate_control (>= 0.0.3, < 1.0)
    coffee-rails (3.2.2)
      coffee-script (>= 2.2.0)
      railties (~> 3.2.0)
    coffee-script (2.3.0)
      coffee-script-source
      execjs
<<<<<<< HEAD
=======
<<<<<<< HEAD
>>>>>>> e7c0a9867ecf4d8dbb39fbffbbb79b2930d769d3
    coffee-script-source (1.9.1)
    erubis (2.7.0)
    execjs (2.4.0)
    hike (1.2.3)
    i18n (0.7.0)
    jbuilder (2.2.12)
      activesupport (>= 3.0.0, < 5)
      multi_json (~> 1.2)
    journey (1.0.4)
    json (1.8.2)
    mail (2.4.4)
      i18n (>= 0.4.0)
      mime-types (~> 1.16)
      treetop (~> 1.4.8)
    mime-types (1.25.1)
    multi_json (1.11.0)
<<<<<<< HEAD
=======
=======
    coffee-script-source (1.9.0)
    erubis (2.7.0)
    execjs (2.3.0)
    hike (1.2.3)
    i18n (0.7.0)
    jbuilder (2.2.7)
      activesupport (>= 3.0.0, < 5)
      multi_json (~> 1.2)
    journey (1.0.4)
    jquery-rails (3.1.2)
      railties (>= 3.0, < 5.0)
      thor (>= 0.14, < 2.0)
    json (1.8.2)
    mail (2.5.4)
      mime-types (~> 1.16)
      treetop (~> 1.4.8)
    mime-types (1.25.1)
    minitest (4.7.5)
    multi_json (1.10.1)
>>>>>>> 5c38b89a3e635703a230a79470f46d5a9217ccf2
>>>>>>> e7c0a9867ecf4d8dbb39fbffbbb79b2930d769d3
    paperclip (2.8.0)
      activerecord (>= 2.3.0)
      activesupport (>= 2.3.2)
      cocaine (>= 0.0.2)
      mime-types
<<<<<<< HEAD
=======
<<<<<<< HEAD
=======
    pg (0.18.1)
>>>>>>> 5c38b89a3e635703a230a79470f46d5a9217ccf2
>>>>>>> e7c0a9867ecf4d8dbb39fbffbbb79b2930d769d3
    polyglot (0.3.5)
    rack (1.4.5)
    rack-cache (1.2)
      rack (>= 0.4)
    rack-ssl (1.3.4)
      rack
    rack-test (0.6.3)
      rack (>= 1.0)
<<<<<<< HEAD
=======
<<<<<<< HEAD
>>>>>>> e7c0a9867ecf4d8dbb39fbffbbb79b2930d769d3
    rails (3.2.3)
      actionmailer (= 3.2.3)
      actionpack (= 3.2.3)
      activerecord (= 3.2.3)
      activeresource (= 3.2.3)
      activesupport (= 3.2.3)
      bundler (~> 1.0)
      railties (= 3.2.3)
    railties (3.2.3)
      actionpack (= 3.2.3)
      activesupport (= 3.2.3)
      rack-ssl (~> 1.3.2)
      rake (>= 0.8.7)
      rdoc (~> 3.4)
      thor (~> 0.14.6)
<<<<<<< HEAD
=======
=======
    rails (3.2.21)
      actionmailer (= 3.2.21)
      actionpack (= 3.2.21)
      activerecord (= 3.2.21)
      activeresource (= 3.2.21)
      activesupport (= 3.2.21)
      bundler (~> 1.0)
      railties (= 3.2.21)
    railties (3.2.21)
      actionpack (= 3.2.21)
      activesupport (= 3.2.21)
      rack-ssl (~> 1.3.2)
      rake (>= 0.8.7)
      rdoc (~> 3.4)
      thor (>= 0.14.6, < 2.0)
>>>>>>> 5c38b89a3e635703a230a79470f46d5a9217ccf2
>>>>>>> e7c0a9867ecf4d8dbb39fbffbbb79b2930d769d3
    rake (10.4.2)
    rdoc (3.12.2)
      json (~> 1.4)
    rmagick (2.13.1)
<<<<<<< HEAD
=======
<<<<<<< HEAD
>>>>>>> e7c0a9867ecf4d8dbb39fbffbbb79b2930d769d3
    spring (1.3.3)
    sprockets (2.1.4)
      hike (~> 1.2)
      rack (~> 1.0)
      tilt (~> 1.1, != 1.3.0)
    sqlite3 (1.3.10)
    thor (0.14.6)
<<<<<<< HEAD
=======
=======
    sass (3.4.12)
    sass-rails (3.2.6)
      railties (~> 3.2.0)
      sass (>= 3.1.10)
      tilt (~> 1.3)
    sdoc (0.3.20)
      json (>= 1.1.3)
      rdoc (~> 3.10)
    spring (1.3.2)
    sprockets (2.2.3)
      hike (~> 1.2)
      multi_json (~> 1.0)
      rack (~> 1.0)
      tilt (~> 1.1, != 1.3.0)
    thor (0.19.1)
>>>>>>> 5c38b89a3e635703a230a79470f46d5a9217ccf2
>>>>>>> e7c0a9867ecf4d8dbb39fbffbbb79b2930d769d3
    tilt (1.4.1)
    treetop (1.4.15)
      polyglot
      polyglot (>= 0.3.1)
    turbolinks (2.5.3)
      coffee-rails
<<<<<<< HEAD
    tzinfo (0.3.43)
    uglifier (2.7.1)
=======
<<<<<<< HEAD
    tzinfo (0.3.43)
    uglifier (2.7.1)
=======
    turn (0.9.7)
      ansi
      minitest (~> 4)
    tzinfo (0.3.43)
    uglifier (2.7.0)
>>>>>>> 5c38b89a3e635703a230a79470f46d5a9217ccf2
>>>>>>> e7c0a9867ecf4d8dbb39fbffbbb79b2930d769d3
      execjs (>= 0.3.0)
      json (>= 1.8.0)

PLATFORMS
  ruby

DEPENDENCIES
  bcrypt
<<<<<<< HEAD
=======
<<<<<<< HEAD
>>>>>>> e7c0a9867ecf4d8dbb39fbffbbb79b2930d769d3
  bootstrap-datepicker-rails
  bootstrap-timepicker-rails
  carrierwave
  jbuilder (~> 2.0)
  paperclip (~> 2.3)
  rails (= 3.2.3)
  rmagick (= 2.13.1)
  spring
  sqlite3
  turbolinks
  uglifier (>= 1.3.0)
<<<<<<< HEAD
=======
=======
  bcrypt-ruby (~> 3.0.0)
  bootstrap-datetimepicker-rails
  carrierwave
  client_side_validations
  coffee-script
  jbuilder (~> 2.0)
  jquery-rails
  paperclip (~> 2.3)
  pg
  rails (~> 3.2.13.rc1)
  rake (= 10.4.2)
  rmagick (= 2.13.1)
  sass-rails (~> 3.2.3)
  sdoc
  spring
  turbolinks
  turn
  uglifier
>>>>>>> 5c38b89a3e635703a230a79470f46d5a9217ccf2
>>>>>>> e7c0a9867ecf4d8dbb39fbffbbb79b2930d769d3
